GIT
  remote: https://github.com/sutrolabs/karafka-rdkafka.git
  revision: aa03f13305a75b2ff6a431661e5f42f2b8a54aa4
  branch: AI-RT-203-create-destroy-acl
  specs:
    rdkafka (0.13.0)
      ffi (~> 1.15)
      mini_portile2 (~> 2.6)
      rake (> 12)

PATH
  remote: .
  specs:
    karafka-core (2.1.1)
      concurrent-ruby (>= 1.1)

GEM
  remote: https://rubygems.org/
  specs:
    activesupport (7.0.4.3)
      concurrent-ruby (~> 1.0, >= 1.0.2)
      i18n (>= 1.6, < 2)
      minitest (>= 5.1)
      tzinfo (~> 2.0)
    byebug (11.1.3)
    concurrent-ruby (1.2.2)
    diff-lcs (1.5.0)
    docile (1.4.0)
    factory_bot (6.2.1)
      activesupport (>= 5.0.0)
    ffi (1.16.3)
    i18n (1.12.0)
      concurrent-ruby (~> 1.0)
    mini_portile2 (2.8.5)
    minitest (5.18.0)
    rake (13.1.0)
    rspec (3.12.0)
      rspec-core (~> 3.12.0)
      rspec-expectations (~> 3.12.0)
      rspec-mocks (~> 3.12.0)
    rspec-core (3.12.1)
      rspec-support (~> 3.12.0)
    rspec-expectations (3.12.2)
      diff-lcs (>= 1.2.0, < 2.0)
      rspec-support (~> 3.12.0)
    rspec-mocks (3.12.5)
      diff-lcs (>= 1.2.0, < 2.0)
      rspec-support (~> 3.12.0)
    rspec-support (3.12.0)
    simplecov (0.22.0)
      docile (~> 1.1)
      simplecov-html (~> 0.11)
      simplecov_json_formatter (~> 0.1)
    simplecov-html (0.12.3)
    simplecov_json_formatter (0.1.4)
    tzinfo (2.0.6)
      concurrent-ruby (~> 1.0)

PLATFORMS
  arm64-darwin-21
  arm64-darwin-22
  x86_64-linux

DEPENDENCIES
  byebug
  factory_bot
  karafka-core!
  rdkafka!
  rspec
  simplecov

BUNDLED WITH
   2.3.22
